GEM
  remote: https://rubygems.org/
  specs:
    RedCloth (4.2.9)
    activesupport (4.1.4)
      i18n (~> 0.6, >= 0.6.9)
      json (~> 1.7, >= 1.7.7)
      minitest (~> 5.1)
      thread_safe (~> 0.1)
      tzinfo (~> 1.1)
    blankslate (2.1.2.4)
    celluloid (0.15.2)
      timers (~> 1.1.0)
    celluloid-io (0.15.0)
      celluloid (>= 0.15.0)
      nio4r (>= 0.5.0)
    classifier (1.3.4)
      fast-stemmer (>= 1.0.0)
    coderay (1.1.0)
    coffee-script (2.3.0)
      coffee-script-source
      execjs
    coffee-script-source (1.7.1)
    colorator (0.1)
    execjs (2.2.1)
    fast-stemmer (1.0.2)
    ffi (1.9.3)
    formatador (0.2.5)
    gemoji (2.0.0)
    github-pages (21)
      RedCloth (= 4.2.9)
      jekyll (= 2.2.0)
      jekyll-coffeescript (= 1.0.0)
      jekyll-mentions (= 0.1.3)
      jekyll-redirect-from (= 0.4.0)
      jekyll-sass-converter (= 1.1.0)
      jekyll-sitemap (= 0.5.0)
      jemoji (= 0.3.0)
      kramdown (= 1.3.1)
      liquid (= 2.6.1)
      maruku (= 0.7.0)
      pygments.rb (= 0.6.0)
      rdiscount (= 2.1.7)
      redcarpet (= 3.1.2)
    guard (2.6.1)
      formatador (>= 0.2.4)
      listen (~> 2.7)
      lumberjack (~> 1.0)
      pry (>= 0.9.12)
      thor (>= 0.18.1)
    guard-coffeescript (1.4.0)
      coffee-script (>= 2.2.0)
      guard (>= 1.1.0)
    guard-jekyll-plus (1.4.9)
      guard (>= 1.1.0)
      jekyll (>= 1.0.0)
    guard-sass (1.4.0)
      guard (>= 1.1.0)
      sass (>= 3.1)
    html-pipeline (1.9.0)
      activesupport (>= 2)
      nokogiri (~> 1.4)
    i18n (0.6.11)
    jekyll (2.2.0)
      classifier (~> 1.3)
      colorator (~> 0.1)
      jekyll-coffeescript (~> 1.0)
      jekyll-gist (~> 1.0)
      jekyll-paginate (~> 1.0)
      jekyll-sass-converter (~> 1.0)
      jekyll-watch (~> 1.0)
      kramdown (~> 1.3)
      liquid (~> 2.6.1)
      mercenary (~> 0.3.3)
      pygments.rb (~> 0.6.0)
      redcarpet (~> 3.1)
      safe_yaml (~> 1.0)
      toml (~> 0.1.0)
    jekyll-coffeescript (1.0.0)
      coffee-script (~> 2.2)
    jekyll-gist (1.1.0)
    jekyll-mentions (0.1.3)
      html-pipeline (~> 1.9.0)
      jekyll (~> 2.0)
    jekyll-paginate (1.0.0)
    jekyll-redirect-from (0.4.0)
      jekyll (~> 2.0)
    jekyll-sass-converter (1.1.0)
      sass (~> 3.2)
    jekyll-sitemap (0.5.0)
    jekyll-watch (1.0.0)
      listen (~> 2.7)
    jemoji (0.3.0)
      gemoji (~> 2.0)
      html-pipeline (~> 1.9)
      jekyll (~> 2.0)
    json (1.8.1)
    kramdown (1.3.1)
    liquid (2.6.1)
    listen (2.7.0)
      celluloid (>= 0.15.2)
      celluloid-io (>= 0.15.0)
      rb-fsevent (>= 0.9.3)
      rb-inotify (>= 0.9)
    lumberjack (1.0.9)
    maruku (0.7.0)
    mercenary (0.3.4)
    method_source (0.8.2)
    mini_portile (0.6.0)
    minitest (5.4.0)
    mr_poole (0.6.0)
    narray (0.6.0.9)
    nio4r (1.0.0)
    nokogiri (1.6.3.1)
      mini_portile (= 0.6.0)
    parslet (1.5.0)
      blankslate (~> 2.0)
    posix-spawn (0.3.8)
    pry (0.10.0)
      coderay (~> 1.1.0)
      method_source (~> 0.8.1)
      slop (~> 3.4)
    pygments.rb (0.6.0)
      posix-spawn (~> 0.3.6)
      yajl-ruby (~> 1.1.0)
    rb-fsevent (0.9.4)
    rb-gsl (1.16.0.2)
      narray (>= 0.5.9)
    rb-inotify (0.9.5)
      ffi (>= 0.5.0)
    rdiscount (2.1.7)
    redcarpet (3.1.2)
    safe_yaml (1.0.3)
    sass (3.3.12)
    slop (3.6.0)
    thor (0.19.1)
    thread_safe (0.3.4)
    timers (1.1.0)
    toml (0.1.1)
      parslet (~> 1.5.0)
    tzinfo (1.2.1)
      thread_safe (~> 0.1)
    yajl-ruby (1.1.0)

PLATFORMS
  ruby

DEPENDENCIES
  github-pages
  guard
  guard-coffeescript
  guard-jekyll-plus
  guard-sass
  mr_poole
  rb-gsl
